GEM
  remote: https://rubygems.org/
  specs:
    nio4r (2.5.8)
    puma (6.1.0)
      nio4r (~> 2.0)
    rack (3.0.4.1)

PLATFORMS
  ruby

DEPENDENCIES
  puma (~> 6.1)
  rack (~> 3.0, >= 3.0.4.1)

BUNDLED WITH
   2.4.6
