GEM
  remote: https://rubygems.org/
  specs:
    nio4r (2.7.1)
    puma (6.4.2)
      nio4r (~> 2.0)

PLATFORMS
  ruby

DEPENDENCIES
  puma (~> 6.4, >= 6.4.2)

BUNDLED WITH
   2.5.3
